PATH
  remote: .
  specs:
    trivial_log_formatter (0.0.1)

GEM
  remote: https://rubygems.org/
  specs:

PLATFORMS
  ruby

DEPENDENCIES
  trivial_log_formatter!
